GEM
  remote: http://rubygems.org/
  specs:
    newrelic_rpm (3.5.3.25)
    rack (1.5.2)
    vienna (0.4.0)
      rack (~> 1.5)

PLATFORMS
  x86-mingw32

DEPENDENCIES
  newrelic_rpm
  rack
  vienna
